PATH
  remote: .
  specs:
    ruby_c_experiments (0.1.0)
      RubyInline (~> 3.12.5)
      ffi (~> 1.15.4)
      fiddle (~> 1.0.9)

GEM
  remote: https://rubygems.org/
  specs:
    RubyInline (3.12.5)
      ZenTest (~> 4.3)
    ZenTest (4.12.0)
    benchmark-ips (2.9.2)
    diff-lcs (1.4.4)
    ffi (1.15.4)
    fiddle (1.0.9)
    rake (13.0.6)
    rake-compiler (1.1.1)
      rake
    rspec (3.10.0)
      rspec-core (~> 3.10.0)
      rspec-expectations (~> 3.10.0)
      rspec-mocks (~> 3.10.0)
    rspec-core (3.10.1)
      rspec-support (~> 3.10.0)
    rspec-expectations (3.10.1)
      diff-lcs (>= 1.2.0, < 2.0)
      rspec-support (~> 3.10.0)
    rspec-mocks (3.10.2)
      diff-lcs (>= 1.2.0, < 2.0)
      rspec-support (~> 3.10.0)
    rspec-support (3.10.2)

PLATFORMS
  x86_64-darwin-18

DEPENDENCIES
  benchmark-ips (~> 2.9.2)
  bundler (~> 2.2.29)
  rake (~> 13.0.6)
  rake-compiler (~> 1.1.1)
  rspec (~> 3.10.0)
  ruby_c_experiments!

BUNDLED WITH
   2.2.29
